GEM
  remote: https://rubygems.org/
  specs:
    atomic (1.1.14)
    atomic (1.1.14-java)
    daemons (1.1.9)
    ffi (1.9.3)
    ffi (1.9.3-java)
    listen (1.3.0)
      rb-fsevent (>= 0.9.3)
      rb-inotify (>= 0.9)
    mail (2.5.4)
      mime-types (~> 1.16)
      treetop (~> 1.4.8)
    mime-types (1.25)
    mini-smtp-server (0.0.2)
    mini_portile (0.5.2)
    nokogiri (1.6.0)
      mini_portile (~> 0.5.0)
    nokogiri (1.6.0-java)
      mini_portile (~> 0.5.0)
    polyglot (0.3.3)
    rake (10.1.0)
    rb-fsevent (0.9.3)
    rb-inotify (0.9.2)
      ffi (>= 0.5.0)
    test-unit (2.5.5)
    thread_safe (0.1.3)
      atomic
    thread_safe (0.1.3-java)
      atomic
    timers (1.1.0)
    treetop (1.4.15)
      polyglot
      polyglot (>= 0.3.1)1
    tzinfo (1.1.0)
      thread_safe (~> 0.1)
    tzinfo-data (1.2013.8)

PLATFORMS
  java
  ruby

DEPENDENCIES
  daemons
  listen
  mail
  mini-smtp-server
  nokogiri
  rake
  test-unit
  tzinfo
  tzinfo-data
